GEM
  remote: https://rubygems.org/
  specs:
    adsf (1.2.0)
      rack (>= 1.0.0)
    colored (1.2)
    cri (2.7.0)
      colored (~> 1.2)
    mini_portile2 (2.0.0)
    nanoc (3.8.0)
      cri (~> 2.3)
    nokogiri (1.6.7.2)
      mini_portile2 (~> 2.0.0.rc2)
    pygmentize (0.0.3)
    rack (2.0.8)

PLATFORMS
  ruby

DEPENDENCIES
  adsf
  nanoc
  nokogiri
  pygmentize

BUNDLED WITH
   1.10.6
