GEM
  remote: https://rubygems.org/
  specs:
    adsf (1.4.3)
      rack (>= 1.0.0, < 3.0.0)
    cri (2.15.9)
    mini_portile2 (2.8.0)
    nanoc (3.8.0)
      cri (~> 2.3)
    nokogiri (1.13.9)
      mini_portile2 (~> 2.8.0)
      racc (~> 1.4)
    pygmentize (0.0.3)
    racc (1.6.0)
    rack (2.1.1)

PLATFORMS
  ruby

DEPENDENCIES
  adsf
  nanoc (~> 3.8.0)
  nokogiri
  pygmentize

BUNDLED WITH
   1.17.3
